GEM
  remote: http://rubygems.org/
  specs:
    activemodel (3.0.3)
      activesupport (= 3.0.3)
      builder (~> 2.1.2)
      i18n (~> 0.4)
    activerecord (3.0.3)
      activemodel (= 3.0.3)
      activesupport (= 3.0.3)
      arel (~> 2.0.2)
      tzinfo (~> 0.3.23)
    activesupport (3.0.3)
    arel (2.0.6)
    builder (2.1.2)
    i18n (0.5.0)
    qtbindings (4.6.3.2)
    sqlite3-ruby (1.3.2)
    tzinfo (0.3.23)

PLATFORMS
  ruby

DEPENDENCIES
  activerecord
  qtbindings
  sqlite3-ruby
